GEM
  remote: https://rubygems.org/
  specs:
    redcarpet (3.4.0)

PLATFORMS
  ruby

DEPENDENCIES
  redcarpet (~> 3.4)

BUNDLED WITH
   1.15.3
